GEM
  remote: http://rubygems.org/
  specs:
    icalendar (1.1.6)
    metaclass (0.0.1)
    mocha (0.12.3)
      metaclass (~> 0.0.1)
    rack (1.4.1)
    rack-protection (1.2.0)
      rack
    rake (0.9.2.2)
    sinatra (1.3.2)
      rack (~> 1.3, >= 1.3.6)
      rack-protection (~> 1.2)
      tilt (~> 1.3, >= 1.3.3)
    tilt (1.3.3)

PLATFORMS
  ruby

DEPENDENCIES
  icalendar
  mocha
  rake
  sinatra
