GEM
  remote: http://rubygems.org/
  specs:
    icalendar (1.1.6)

PLATFORMS
  ruby

DEPENDENCIES
  icalendar
